PATH
  remote: ..
  specs:
    timescaledb (0.1.2)
      activerecord
      activesupport
      pg (~> 1.2)

GEM
  remote: https://rubygems.org/
  specs:
    activemodel (6.1.7.1)
      activesupport (= 6.1.7.1)
    activerecord (6.1.7.1)
      activemodel (= 6.1.7.1)
      activesupport (= 6.1.7.1)
    activesupport (6.1.7.1)
      concurrent-ruby (~> 1.0, >= 1.0.2)
      i18n (>= 1.6, < 2)
      minitest (>= 5.1)
      tzinfo (~> 2.0)
      zeitwerk (~> 2.3)
    coderay (1.1.3)
    composite_primary_keys (6.0.5)
      activerecord (>= 4.0.0)
    concurrent-ruby (1.1.10)
    dotenv (2.7.6)
    i18n (1.12.0)
      concurrent-ruby (~> 1.0)
    method_source (1.0.0)
    minitest (5.17.0)
    pg (1.2.3)
    pry (0.14.0)
      coderay (~> 1.1)
      method_source (~> 1.0)
    tzinfo (2.0.5)
      concurrent-ruby (~> 1.0)
    zeitwerk (2.6.6)

PLATFORMS
  ruby

DEPENDENCIES
  activerecord
  composite_primary_keys (~> 6.0)
  dotenv (~> 2.7)
  pg
  pry
  timescaledb!

BUNDLED WITH
   2.1.4
